GIT
  remote: https://github.com/liquidm/hetzner-api.git
  revision: 2c2dc03c0337ae1edcd2854ce677a988a49446b8
  specs:
    hetzner-api (1.2.0)
      httparty (~> 0.14.0)
      json
      thor
      xml-simple

GIT
  remote: https://github.com/liquidm/leaseweb-rest-api.git
  revision: 2e46febb9c2c0312e48b77902474533d6831479b
  branch: production
  specs:
    leaseweb-rest-api (1.1.6)
      httparty

GIT
  remote: https://github.com/liquidm/ovh-rest.git
  revision: e2ee61014a3a5bfebec5fed72cd2752f5bb75f0a
  specs:
    ovh-rest (0.0.2)

GIT
  remote: https://github.com/liquidm/soyoustart-rest.git
  revision: 62d0f6ca9e72f37cfde680c9ecb688254c6a1c78
  branch: soyoustart
  specs:
    soyoustart-rest (0.0.2)

GEM
  remote: https://rubygems.org/
  specs:
    activesupport (6.0.6.1)
      concurrent-ruby (~> 1.0, >= 1.0.2)
      i18n (>= 0.7, < 2)
      minitest (~> 5.1)
      tzinfo (~> 1.1)
      zeitwerk (~> 2.2, >= 2.2.2)
    concurrent-ruby (1.2.0)
    httparty (0.14.0)
      multi_xml (>= 0.5.2)
    i18n (1.12.0)
      concurrent-ruby (~> 1.0)
    json (2.3.0)
    minitest (5.17.0)
    multi_xml (0.6.0)
    rake (13.0.1)
    thor (0.20.3)
    thread_safe (0.3.6)
    tzinfo (1.2.11)
      thread_safe (~> 0.1)
    xml-simple (1.1.5)
    zeitwerk (2.6.6)

PLATFORMS
  ruby

DEPENDENCIES
  activesupport
  hetzner-api!
  leaseweb-rest-api!
  ovh-rest!
  rake
  soyoustart-rest!

BUNDLED WITH
   2.1.4
